PATH
  remote: .
  specs:
    bubble-wrap (1.6.0)
      bubble-wrap-http (= 1.6.0)

GEM
  remote: https://rubygems.org/
  specs:
    bacon (1.1.0)
    bubble-wrap-http (1.6.0)
    metaclass (0.0.1)
    mocha (0.11.4)
      metaclass (~> 0.0.1)
    mocha-on-bacon (0.2.1)
      mocha (>= 0.9.8)
    rake (0.9.2.2)

PLATFORMS
  ruby

DEPENDENCIES
  bacon
  bubble-wrap!
  mocha (= 0.11.4)
  mocha-on-bacon
  rake
