PATH
  remote: .
  specs:
    bubble-wrap (1.9.7)

GEM
  remote: https://rubygems.org/
  specs:
    bacon (1.2.0)
    metaclass (0.0.4)
    mocha (0.14.0)
      metaclass (~> 0.0.1)
    mocha-on-bacon (0.2.2)
      mocha (>= 0.13.0)
    rake (10.4.2)
    webstub (1.1.2)

PLATFORMS
  ruby

DEPENDENCIES
  bacon (~> 1.2)
  bubble-wrap!
  mocha (~> 0.11)
  mocha-on-bacon (~> 0.2)
  rake (~> 10.0)
  webstub (~> 1.1)

BUNDLED WITH
   1.17.3
